PATH
  remote: .
  specs:
    rrrretry (1.0.0)

GEM
  remote: http://rubygems.org/
  specs:
    rake (12.3.3)

PLATFORMS
  ruby

DEPENDENCIES
  rake
  rrrretry!
